GEM
  remote: https://rubygems.org/
  specs:
    ethon (0.9.0)
      ffi (>= 1.3.0)
    ffi (1.9.10)
    json (1.8.1)
    logger (1.2.8)
    mime-types (2.3)
    minitest (5.4.1)
    netrc (0.7.7)
    rake (10.3.2)
    rest-client (1.7.2)
      mime-types (>= 1.16, < 3.0)
      netrc (~> 0.7)
    typhoeus (1.0.2)
      ethon (>= 0.9.0)

PLATFORMS
  ruby

DEPENDENCIES
  json (~> 1.8.1)
  logger (~> 1.2.8)
  minitest (~> 5.4.1)
  rake (~> 10.0)
  rest-client (~> 1.7.2)
  typhoeus

BUNDLED WITH
   1.10.6
